PATH
  remote: .
  specs:
    netagator (0.0.1)

GEM
  specs:

PLATFORMS
  ruby

DEPENDENCIES
  netagator!
